GEM
  remote: http://rubygems.org/
  specs:
    Ascii85 (1.0.2)
    afm (0.2.0)
    hashery (2.1.0)
    pdf-reader (1.3.3)
      Ascii85 (~> 1.0.0)
      afm (~> 0.2.0)
      hashery (~> 2.0)
      ruby-rc4
      ttfunk
    prawn (0.12.0)
      pdf-reader (>= 0.9.0)
      ttfunk (~> 1.0.2)
    rake (10.0.4)
    ruby-rc4 (0.1.5)
    scoped_attr_accessor (1.0.2)
    ttfunk (1.0.3)

PLATFORMS
  ruby

DEPENDENCIES
  prawn (~> 0.12)
  rake (~> 10.0)
  scoped_attr_accessor (~> 1.0)

BUNDLED WITH
   2.5.6
