GEM
  remote: http://rubygems.org/
  specs:
    Ascii85 (1.0.2)
    afm (0.2.0)
    coderay (1.0.9)
    columnize (0.3.6)
    debugger (1.5.0)
      columnize (>= 0.3.1)
      debugger-linecache (~> 1.2.0)
      debugger-ruby_core_source (~> 1.2.0)
    debugger-linecache (1.2.0)
    debugger-ruby_core_source (1.2.0)
    ffi (1.8.1)
    flay (2.2.0)
      ruby_parser (~> 3.0)
      sexp_processor (~> 4.0)
    formatador (0.2.4)
    growl (1.0.3)
    guard (1.8.0)
      formatador (>= 0.2.4)
      listen (>= 1.0.0)
      lumberjack (>= 1.0.2)
      pry (>= 0.9.10)
      thor (>= 0.14.6)
    guard-minitest (0.5.0)
      guard (>= 0.4)
    hashery (2.1.0)
    listen (1.0.3)
      rb-fsevent (>= 0.9.3)
      rb-inotify (>= 0.9)
      rb-kqueue (>= 0.2)
    lumberjack (1.0.3)
    method_source (0.8.1)
    pdf-reader (1.3.3)
      Ascii85 (~> 1.0.0)
      afm (~> 0.2.0)
      hashery (~> 2.0)
      ruby-rc4
      ttfunk
    prawn (0.12.0)
      pdf-reader (>= 0.9.0)
      ttfunk (~> 1.0.2)
    pry (0.9.12.1)
      coderay (~> 1.0.5)
      method_source (~> 0.8)
      slop (~> 3.4)
    rb-fchange (0.0.6)
      ffi
    rb-fsevent (0.9.3)
    rb-inotify (0.9.0)
      ffi (>= 0.5.0)
    rb-kqueue (0.2.0)
      ffi (>= 0.5.0)
    ruby-rc4 (0.1.5)
    ruby_parser (3.1.3)
      sexp_processor (~> 4.1)
    scoped_attr_accessor (1.0.1)
    sexp_processor (4.2.1)
    slop (3.4.4)
    thor (0.18.1)
    trollop (2.0)
    ttfunk (1.0.3)

PLATFORMS
  ruby

DEPENDENCIES
  debugger (~> 1.5)
  flay (~> 2.2)
  growl (~> 1.0)
  guard (~> 1.0)
  guard-minitest (~> 0.5)
  prawn (~> 0.12)
  rb-fchange (~> 0.0)
  rb-fsevent (~> 0.9)
  rb-inotify (~> 0.9)
  scoped_attr_accessor (~> 1.0)
  trollop (~> 2.0)
